PATH
  remote: .
  specs:
    corundum (0.0.0)
      helix_runtime (~> 0.7.5)

GEM
  remote: https://rubygems.org/
  specs:
    helix_runtime (0.7.5)
      rake (>= 10.0)
      thor (>= 0.19.4, < 2.0)
      tomlrb (~> 1.2.4)
    minitest (5.11.3)
    rake (10.5.0)
    thor (0.20.3)
    tomlrb (1.2.8)

PLATFORMS
  ruby

DEPENDENCIES
  bundler (~> 2.0)
  corundum!
  minitest (~> 5.0)
  rake (~> 10.0)

BUNDLED WITH
   2.0.1
