PATH
  remote: .
  specs:
    corundum (0.1.0)
      helix_runtime (~> 0.5.0)

GEM
  remote: https://rubygems.org/
  specs:
    helix_runtime (0.5.0)
      rake (>= 10.0)
      thor (~> 0.19.4)
    minitest (5.11.3)
    rake (10.5.0)
    thor (0.19.4)

PLATFORMS
  ruby

DEPENDENCIES
  bundler (~> 2.0)
  corundum!
  minitest (~> 5.0)
  rake (~> 10.0)

BUNDLED WITH
   2.0.1
